GEM
  remote: https://rubygems.org/
  specs:
    addressable (2.3.8)
    arr-pm (0.0.10)
      cabin (> 0)
    ast (2.4.0)
    backports (3.11.1)
    cabin (0.9.0)
    childprocess (0.8.0)
      ffi (~> 1.0, >= 1.0.11)
    clamp (1.0.1)
    coderay (1.1.2)
    diff-lcs (1.3)
    docile (1.1.5)
    docker-api (1.34.0)
      excon (>= 0.47.0)
      multi_json
    dotenv (2.2.1)
    excon (0.60.0)
    facter (2.5.1)
    ffi (1.9.18)
    fpm (1.9.3)
      arr-pm (~> 0.0.10)
      backports (>= 2.6.2)
      cabin (>= 0.6.0)
      childprocess
      clamp (~> 1.0.0)
      ffi
      json (>= 1.7.7, < 2.0)
      pleaserun (~> 0.0.29)
      ruby-xz
      stud
    git (1.3.0)
    hiera (3.4.2)
    insist (1.0.0)
    io-like (0.3.0)
    json (1.8.6)
    json_pure (1.8.6)
    method_source (0.9.0)
    mime-types (1.25.1)
    multi_json (1.13.1)
    mustache (0.99.8)
    parallel (1.12.1)
    parser (2.4.0.2)
      ast (~> 2.3)
    pleaserun (0.0.30)
      cabin (> 0)
      clamp
      dotenv
      insist
      mustache (= 0.99.8)
      stud
    powerpack (0.1.1)
    pry (0.11.3)
      coderay (~> 1.1.0)
      method_source (~> 0.9.0)
    puppet (4.7.1)
      facter (> 2.0, < 4)
      hiera (>= 2.0, < 4)
      json_pure (~> 1.8)
    rainbow (3.0.0)
    rest-client (1.6.9)
      mime-types (~> 1.16)
    rspec (3.7.0)
      rspec-core (~> 3.7.0)
      rspec-expectations (~> 3.7.0)
      rspec-mocks (~> 3.7.0)
    rspec-core (3.7.1)
      rspec-support (~> 3.7.0)
    rspec-expectations (3.7.0)
      diff-lcs (>= 1.2.0, < 2.0)
      rspec-support (~> 3.7.0)
    rspec-mocks (3.7.0)
      diff-lcs (>= 1.2.0, < 2.0)
      rspec-support (~> 3.7.0)
    rspec-support (3.7.0)
    rubocop (0.52.1)
      parallel (~> 1.10)
      parser (>= 2.4.0.2, < 3.0)
      powerpack (~> 0.1)
      rainbow (>= 2.2.2, < 4.0)
      ruby-progressbar (~> 1.7)
      unicode-display_width (~> 1.0, >= 1.0.1)
    ruby-progressbar (1.9.0)
    ruby-xz (0.2.3)
      ffi (~> 1.9)
      io-like (~> 0.3)
    simplecov (0.15.1)
      docile (~> 1.1.0)
      json (>= 1.8, < 3)
      simplecov-html (~> 0.10.0)
    simplecov-html (0.10.2)
    stud (0.0.23)
    systemu (2.6.5)
    unicode-display_width (1.3.0)
    unirest (1.1.2)
      addressable (~> 2.3.5)
      json (~> 1.8.1)
      rest-client (~> 1.6.7)
    yard (0.9.12)

PLATFORMS
  ruby

DEPENDENCIES
  addressable (~> 2.3.8)
  docker-api
  facter
  fpm (~> 1.1)
  git
  json (~> 1.8.1)
  json_pure (>= 1.7.7)
  pry
  puppet (~> 4.7.0)
  rspec
  rubocop
  simplecov
  systemu
  unirest
  yard

BUNDLED WITH
   1.16.1
